GEM
  remote: https://rubygems.org/
  specs:
    commander (4.4.5)
      highline (~> 1.7.2)
    fileutils (1.1.0)
    git (1.4.0)
    highline (1.7.10)

PLATFORMS
  ruby

DEPENDENCIES
  commander
  fileutils
  git

BUNDLED WITH
   1.16.0
