GEM
  remote: https://rubygems.org/
  specs:
    commander (4.4.5)
      highline (~> 1.7.2)
    fileutils (1.1.0)
    git (1.11.0)
      rchardet (~> 1.8)
    highline (1.7.10)
    rchardet (1.8.0)

PLATFORMS
  ruby

DEPENDENCIES
  commander
  fileutils
  git

BUNDLED WITH
   1.16.0
